GEM
  remote: https://rubygems.org/
  specs:
    activesupport (5.0.0.1)
      concurrent-ruby (~> 1.0, >= 1.0.2)
      i18n (~> 0.7)
      minitest (~> 5.1)
      tzinfo (~> 1.1)
    addressable (2.4.0)
    colorator (1.1.0)
    concurrent-ruby (1.0.2)
    faraday (0.9.2)
      multipart-post (>= 1.2, < 3)
    ffi (1.9.14)
    forwardable-extended (2.6.0)
    i18n (0.7.0)
    jekyll (3.2.1)
      colorator (~> 1.0)
      jekyll-sass-converter (~> 1.0)
      jekyll-watch (~> 1.1)
      kramdown (~> 1.3)
      liquid (~> 3.0)
      mercenary (~> 0.3.3)
      pathutil (~> 0.9)
      rouge (~> 1.7)
      safe_yaml (~> 1.0)
    jekyll-gist (1.4.0)
      octokit (~> 4.2)
    jekyll-paginate (1.1.0)
    jekyll-sass-converter (1.4.0)
      sass (~> 3.4)
    jekyll-watch (1.5.0)
      listen (~> 3.0, < 3.1)
    kramdown (1.12.0)
    liquid (3.0.6)
    listen (3.0.8)
      rb-fsevent (~> 0.9, >= 0.9.4)
      rb-inotify (~> 0.9, >= 0.9.7)
    logutils (0.6.1)
    markdown (1.2.0)
      kramdown (>= 1.5.0)
      props (>= 1.1.2)
      textutils (>= 0.10.0)
    mercenary (0.3.6)
    minitest (5.9.0)
    multipart-post (2.0.0)
    octokit (4.3.0)
      sawyer (~> 0.7.0, >= 0.5.3)
    pathutil (0.14.0)
      forwardable-extended (~> 2.6)
    posix-spawn (0.3.11)
    props (1.1.2)
    pygments.rb (0.6.3)
      posix-spawn (~> 0.3.6)
      yajl-ruby (~> 1.2.0)
    rb-fsevent (0.9.7)
    rb-inotify (0.9.7)
      ffi (>= 0.5.0)
    redcarpet (3.3.4)
    rouge (1.11.1)
    rubyzip (1.2.0)
    safe_yaml (1.0.4)
    sass (3.4.22)
    sawyer (0.7.0)
      addressable (>= 2.3.5, < 2.5)
      faraday (~> 0.8, < 0.10)
    textutils (1.4.0)
      activesupport
      logutils (>= 0.6.1)
      props (>= 1.1.2)
      rubyzip (>= 1.0.0)
    thread_safe (0.3.5)
    tzinfo (1.2.2)
      thread_safe (~> 0.1)
    yajl-ruby (1.2.1)

PLATFORMS
  ruby

DEPENDENCIES
  jekyll
  jekyll-gist
  jekyll-paginate
  markdown
  pygments.rb
  redcarpet

BUNDLED WITH
   1.12.5
